PATH
  remote: .
  specs:
    tqurl (0.6.1)
      oauth (~> 0.4)

GEM
  remote: http://rubygems.org/
  specs:
    oauth (0.4.3)
    rake (0.8.7)
    rr (1.0.0)
    test-unit (2.1.1)

PLATFORMS
  ruby

DEPENDENCIES
  oauth (~> 0.4)
  rake (~> 0.8)
  rr (~> 1.0)
  test-unit (~> 2.1)
  tqurl!
